GEM
  remote: https://rubygems.org/
  specs:
    minitest (5.24.1)

PLATFORMS
  arm64-darwin-22

DEPENDENCIES
  minitest

BUNDLED WITH
   2.4.10
